GEM
  specs:
    mail (2.6.3)
      mime-types (>= 1.16, < 3)
    mime-types (2.99)

PLATFORMS
  ruby

DEPENDENCIES
  mail (~> 2.6, >= 2.6.3)
