GEM
  remote: https://rubygems.org/
  specs:
    ethon (0.8.1)
      ffi (>= 1.3.0)
    ffi (1.9.10)
    mail (2.6.3)
      mime-types (>= 1.16, < 3)
    mime-types (2.99)
    subexec (0.2.3)
    typhoeus (0.8.0)
      ethon (>= 0.8.0)

PLATFORMS
  ruby

DEPENDENCIES
  mail (~> 2.6, >= 2.6.3)
  subexec (~> 0.2.3)
  typhoeus (~> 0.8.0)
